PATH
  remote: .
  specs:
    activerecord-database-views (0.1.0)
      activerecord (~> 4.0, <= 5.1)

GEM
  remote: https://rubygems.org/
  specs:
    activemodel (4.2.5)
      activesupport (= 4.2.5)
      builder (~> 3.1)
    activerecord (4.2.5)
      activemodel (= 4.2.5)
      activesupport (= 4.2.5)
      arel (~> 6.0)
    activesupport (4.2.5)
      i18n (~> 0.7)
      json (~> 1.7, >= 1.7.7)
      minitest (~> 5.1)
      thread_safe (~> 0.3, >= 0.3.4)
      tzinfo (~> 1.1)
    arel (6.0.3)
    builder (3.2.2)
    i18n (0.7.0)
    json (1.8.3)
    metaclass (0.0.4)
    minitest (5.4.2)
    mocha (1.1.0)
      metaclass (~> 0.0.1)
    pg (0.17.1)
    thread_safe (0.3.5)
    tzinfo (1.2.2)
      thread_safe (~> 0.1)

PLATFORMS
  ruby

DEPENDENCIES
  activerecord-database-views!
  minitest
  mocha
  pg

BUNDLED WITH
   1.10.5
